GEM
  remote: https://rubygems.org/
  specs:
    bson (4.1.1)
    em-websocket (0.5.1)
      eventmachine (>= 0.12.9)
      http_parser.rb (~> 0.6.0)
    eventmachine (1.2.0.1)
    http_parser.rb (0.6.0)
    mongo (2.3.0)
      bson (~> 4.1)
    power_assert (0.3.1)
    test-unit (3.2.1)
      power_assert

PLATFORMS
  ruby

DEPENDENCIES
  em-websocket
  mongo
  test-unit

BUNDLED WITH
   1.12.5
